PATH
  remote: .
  specs:
    airplay (1.0.2)
      CFPropertyList (~> 2.2.0)
      celluloid (>= 0.15.0)
      cuba (~> 3.1.0)
      dnssd (~> 2.0)
      log4r (~> 1.1.10)
      micromachine (~> 1.0.4)
      mime-types (>= 1.16)
      net-http-digest_auth (~> 1.2.1)
      net-ptth (= 0.0.17)
      reel-rack (~> 0.2.0)
    airplay-cli (1.0.1)
      airplay (= 1.0.2)
      clap (~> 1.0.0)
      ruby-progressbar (~> 1.2.0)

GEM
  remote: http://rubygems.org/
  specs:
    CFPropertyList (2.2.7)
    celluloid (0.15.2)
      timers (~> 1.1.0)
    celluloid-io (0.15.0)
      celluloid (>= 0.15.0)
      nio4r (>= 0.5.0)
    clap (1.0.0)
    cuba (3.1.1)
      rack
    dnssd (2.0)
    fakeweb (1.3.0)
    given_core (3.0.0)
      sorcerer (>= 0.3.7)
    http (0.6.1)
      http_parser.rb (~> 0.6.0)
    http_parser.rb (0.6.0)
    log4r (1.1.10)
    micromachine (1.0.4)
    mime-types (2.2)
    minitest (4.4.0)
    minitest-given (3.0.0)
      given_core (= 3.0.0)
      minitest (> 4.3)
    net-http-digest_auth (1.2.1)
    net-ptth (0.0.17)
      celluloid-io (>= 0.15.0)
      http_parser.rb (>= 0.6.0.beta.2)
      rack (>= 1.4.5)
    nio4r (1.0.0)
    rack (1.5.2)
    rake (10.1.0)
    reel (0.5.0)
      celluloid (>= 0.15.1)
      celluloid-io (>= 0.15.0)
      http (>= 0.6.0.pre)
      http_parser.rb (>= 0.6.0)
      websocket_parser (>= 0.1.6)
    reel-rack (0.2.0)
      rack (>= 1.4.0)
      reel (>= 0.5.0)
    ruby-progressbar (1.2.0)
    sorcerer (1.0.2)
    timers (1.1.0)
    vcr (2.4.0)
    websocket_parser (0.1.6)

PLATFORMS
  ruby

DEPENDENCIES
  airplay!
  airplay-cli!
  fakeweb (~> 1.3.0)
  minitest (~> 4.4.0)
  minitest-given (~> 3.0.0)
  rake
  vcr (~> 2.4.0)
